GEM
  remote: http://rubygems.org/
  specs:
    acl9 (0.12.0)
    actionmailer (2.3.5)
      actionpack (= 2.3.5)
    actionpack (2.3.5)
      activesupport (= 2.3.5)
      rack (~> 1.0.0)
    activerecord (2.3.5)
      activesupport (= 2.3.5)
    activeresource (2.3.5)
      activesupport (= 2.3.5)
    activesupport (2.3.5)
    acts-as-list (0.1.2)
    aws-s3 (0.6.2)
      builder
      mime-types
      xml-simple
    builder (2.1.2)
    bullet (2.1.0)
      uniform_notifier (~> 1.0.0)
    cocaine (0.2.1)
    cucumber (0.4.4)
      builder (= 2.1.2)
      diff-lcs (= 1.1.2)
      polyglot (= 0.2.9)
      term-ansicolor (= 1.0.4)
      treetop (= 1.4.2)
    daemons (1.0.10)
    delayed_job (2.0.7)
      activesupport (~> 2.0)
      daemons (= 1.0.10)
    diff-lcs (1.1.2)
    eventmachine (0.12.10)
    factory_girl (1.2.3)
    formtastic (1.1.0)
      actionpack (>= 2.3.0)
      activesupport (>= 2.3.0)
      i18n (>= 0.4.0)
    haml (3.1.4)
    has_scope (0.5.1)
    hoe (2.13.1)
      rake (~> 0.8)
    hoptoad_notifier (2.4.11)
      activesupport
      builder
    i18n (0.6.0)
    inherited_resources (1.0.6)
      has_scope (~> 0.5.0)
      responders (~> 0.4.6)
    mime-types (1.17.2)
    mocha (0.9.8)
      rake
    mysql2 (0.2.18)
    nokogiri (1.5.0)
    paperclip (2.6.0)
      activerecord (>= 2.3.0)
      activesupport (>= 2.3.2)
      cocaine (>= 0.0.2)
      mime-types
    pg (0.13.1)
    pickle (0.2.1)
    polyglot (0.2.9)
    rack (1.0.1)
    rails (2.3.5)
      actionmailer (= 2.3.5)
      actionpack (= 2.3.5)
      activerecord (= 2.3.5)
      activeresource (= 2.3.5)
      activesupport (= 2.3.5)
      rake (>= 0.8.3)
    rails-footnotes (3.6.7)
    rake (0.9.2.2)
    responders (0.4.8)
    rspec (1.3.0)
    rspec-rails (1.3.2)
      rack (>= 1.0.0)
      rspec (>= 1.3.0)
    rubyzip (0.9.6.1)
    sqlite3 (1.3.5)
    sqlite3-ruby (1.3.3)
      sqlite3 (>= 1.3.3)
    term-ansicolor (1.0.4)
    test-unit (1.2.3)
      hoe (>= 1.5.1)
    thin (1.3.1)
      daemons (>= 1.0.9)
      eventmachine (>= 0.12.6)
      rack (>= 1.0.0)
    treetop (1.4.2)
      polyglot (>= 0.2.5)
    uniform_notifier (1.0.1)
    webrat (0.6.0)
      nokogiri (>= 1.2.0)
      rack (>= 1.0)
    xml-simple (1.1.1)

PLATFORMS
  ruby

DEPENDENCIES
  acl9
  acts-as-list
  aws-s3
  bullet (>= 1.7.6)
  cucumber (= 0.4.4)
  delayed_job
  factory_girl (= 1.2.3)
  formtastic
  haml
  hoptoad_notifier
  inherited_resources (<= 1.0.6)
  mime-types
  mocha (= 0.9.8)
  mysql2 (< 0.3)
  paperclip
  pg
  pickle (= 0.2.1)
  rails (= 2.3.5)
  rails-footnotes
  rspec (= 1.3.0)
  rspec-rails (= 1.3.2)
  rubyzip
  sqlite3-ruby
  test-unit (= 1.2.3)
  thin
  webrat (= 0.6.0)
